GEM
  remote: https://rubygems.org/
  specs:
    benchmark-ips (2.7.2)
    mini_magick (4.8.0)

PLATFORMS
  ruby

DEPENDENCIES
  benchmark-ips
  mini_magick

BUNDLED WITH
   1.16.1
